GIT
  remote: git://github.com/mildmojo/obd.git
  revision: 1215a5f34db7b3abf64b51176e4ab4ba7783dffa
  branch: fixup
  specs:
    obd (0.0.2)
      serialport (~> 1.1.0)

GEM
  remote: https://rubygems.org/
  specs:
    serialport (1.1.0)

PLATFORMS
  ruby

DEPENDENCIES
  obd!
  serialport (~> 1.1.0)
